GEM
  remote: https://rubygems.org/
  specs:
    RedCloth (4.3.2)
    anemone (0.7.2)
      nokogiri (>= 1.3.0)
      robotex (>= 1.0.0)
    colorator (0.1)
    colorize (0.5.8)
    ffi (1.9.10)
    haml (4.0.7)
      tilt
    jekyll (3.1.2)
      colorator (~> 0.1)
      jekyll-sass-converter (~> 1.0)
      jekyll-watch (~> 1.1)
      kramdown (~> 1.3)
      liquid (~> 3.0)
      mercenary (~> 0.3.3)
      rouge (~> 1.7)
      safe_yaml (~> 1.0)
    jekyll-date-format (1.0.1)
      jekyll (>= 1.0.0)
    jekyll-page-hooks (1.3.1)
      jekyll (>= 2.0.0)
    jekyll-redirect-from (0.10.0)
      jekyll (>= 2.0)
    jekyll-sass-converter (1.4.0)
      sass (~> 3.4)
    jekyll-sitemap (0.10.0)
    jekyll-watch (1.3.1)
      listen (~> 3.0)
    kramdown (1.10.0)
    link-checker (0.7.2)
      anemone (~> 0.7.2)
      colorize (~> 0.5.8)
      nokogiri (~> 1.5.5)
      trollop (~> 2.0)
    liquid (3.0.6)
    listen (3.0.6)
      rb-fsevent (>= 0.9.3)
      rb-inotify (>= 0.9.7)
    mercenary (0.3.6)
    nokogiri (1.5.11)
    rake (11.1.2)
    rb-fsevent (0.9.7)
    rb-inotify (0.9.7)
      ffi (>= 0.5.0)
    robotex (1.0.0)
    rouge (1.10.1)
    rubypants (0.2.0)
    safe_yaml (1.0.4)
    sass (3.4.22)
    stringex (2.6.0)
    tilt (2.0.2)
    trollop (2.1.2)

PLATFORMS
  ruby

DEPENDENCIES
  RedCloth (>= 4.2.9)
  haml (>= 4.0)
  jekyll (>= 3.0.3)
  jekyll-date-format (>= 1.0)
  jekyll-page-hooks (>= 1.2)
  jekyll-redirect-from (>= 0.9.1)
  jekyll-sitemap (>= 0.5.0)
  link-checker (>= 0.7.2)
  rake (>= 10.0)
  rb-fsevent (>= 0.9)
  rubypants (>= 0.2.0)
  stringex (>= 1.4.0)
